GEM
  remote: https://rubygems.org/
  specs:
    awesome_print (1.9.2)
    minitest (5.15.0)
    rake (13.0.6)

PLATFORMS
  arm64-darwin-21

DEPENDENCIES
  awesome_print
  minitest
  rake

BUNDLED WITH
   2.2.22
